GEM
  remote: http://rubygems.org/
  specs:
    as-notifications (1.0.1)
    celluloid (0.15.2)
      timers (~> 1.1.0)
    celluloid-io (0.15.0)
      celluloid (>= 0.15.0)
      nio4r (>= 0.5.0)
    daemons (1.1.9)
    eventmachine (1.0.3)
    faye-websocket (0.7.1)
      eventmachine (>= 0.12.0)
      websocket-driver (>= 0.3.1)
    http (0.5.0)
      http_parser.rb
    http_parser.rb (0.6.0)
    i18n (0.6.9)
    kgio (2.8.1)
    multi_json (1.8.2)
    nio4r (0.5.0)
    rack (1.5.2)
    rack-protection (1.5.1)
      rack
    rainbows (4.5.0)
      kgio (~> 2.5)
      rack (~> 1.1)
      unicorn (~> 4.6, >= 4.6.2)
    raindrops (0.12.0)
    reel (0.4.0)
      celluloid (>= 0.15.1)
      celluloid-io (>= 0.15.0)
      http (>= 0.5.0)
      http_parser.rb (>= 0.6.0.beta.2)
      websocket_parser (>= 0.1.4)
    sinatra (1.4.4)
      rack (~> 1.4)
      rack-protection (~> 1.4)
      tilt (~> 1.3, >= 1.3.4)
    thin (1.6.0)
      daemons (>= 1.0.9)
      eventmachine (>= 1.0.0)
      rack (>= 1.5.0)
    tilt (1.4.1)
    timers (1.1.0)
    unicorn (4.7.0)
      kgio (~> 2.6)
      rack
      raindrops (~> 0.7)
    webmachine (1.2.1)
      as-notifications (~> 1.0)
      i18n (>= 0.4.0)
      multi_json
    websocket-driver (0.3.1)
    websocket_parser (0.1.4)
      http

PLATFORMS
  ruby

DEPENDENCIES
  eventmachine
  faye-websocket
  rainbows
  reel
  sinatra
  thin
  webmachine
  websocket-driver
